GEM
  remote: https://rubygems.org/
  specs:
    bindata (2.5.1)
    coderay (1.1.3)
    method_source (1.1.0)
    pry (0.15.2)
      coderay (~> 1.1)
      method_source (~> 1.0)

PLATFORMS
  arm64-darwin-24
  ruby

DEPENDENCIES
  bindata (~> 2.5)
  pry (~> 0.15.2)

BUNDLED WITH
   2.6.7
