GEM
  remote: https://rubygems.org/
  specs:
    bindata (2.5.1)

PLATFORMS
  arm64-darwin-24
  ruby

DEPENDENCIES
  bindata (~> 2.5)

BUNDLED WITH
   2.6.7
