GEM
  remote: https://rubygems.org/
  specs:
    connection_pool (2.5.3)
    redis (5.4.0)
      redis-client (>= 0.22.0)
    redis-client (0.24.0)
      connection_pool

PLATFORMS
  arm64-darwin-24
  ruby

DEPENDENCIES
  redis (~> 5.4)

BUNDLED WITH
   2.6.7
